PATH
  remote: .
  specs:
    pagseguro_next (1.0.4)
      activesupport (>= 4)
      faraday (~> 1.0)
      faraday_middleware (~> 1.0)
      hashie (>= 3.4.6)
      multi_xml (~> 0.6)
      nokogiri (>= 1.6)

GEM
  remote: https://rubygems.org/
  specs:
    activesupport (6.1.3)
      concurrent-ruby (~> 1.0, >= 1.0.2)
      i18n (>= 1.6, < 2)
      minitest (>= 5.1)
      tzinfo (~> 2.0)
      zeitwerk (~> 2.3)
    addressable (2.7.0)
      public_suffix (>= 2.0.2, < 5.0)
    concurrent-ruby (1.1.8)
    crack (0.4.3)
      safe_yaml (~> 1.0.0)
    faraday (1.3.0)
      faraday-net_http (~> 1.0)
      multipart-post (>= 1.2, < 3)
      ruby2_keywords
    faraday-net_http (1.0.1)
    faraday_middleware (1.0.0)
      faraday (~> 1.0)
    hashdiff (1.0.1)
    hashie (4.1.0)
    i18n (1.8.9)
      concurrent-ruby (~> 1.0)
    mini_portile2 (2.5.0)
    minitest (5.14.1)
    multi_xml (0.6.0)
    multipart-post (2.1.1)
    nokogiri (1.11.1)
      mini_portile2 (~> 2.5.0)
      racc (~> 1.4)
    public_suffix (4.0.5)
    racc (1.5.2)
    rake (13.0.1)
    ruby2_keywords (0.0.4)
    safe_yaml (1.0.5)
    tzinfo (2.0.4)
      concurrent-ruby (~> 1.0)
    vcr (4.0.0)
    webmock (3.8.3)
      addressable (>= 2.3.6)
      crack (>= 0.3.2)
      hashdiff (>= 0.4.0, < 2.0.0)
    zeitwerk (2.4.2)

PLATFORMS
  ruby

DEPENDENCIES
  bundler (~> 2)
  minitest (~> 5.0)
  pagseguro_next!
  rake (>= 12.3.3)
  vcr (~> 4.0)
  webmock (~> 3.5)

BUNDLED WITH
   2.1.4
